GEM
  remote: https://rubygems.org/
  specs:
    addressable (2.8.4)
      public_suffix (>= 2.0.2, < 6.0)
    asciidoctor (1.5.4)
    coderay (1.1.1)
    colorator (0.1)
    faraday (2.7.10)
      faraday-net_http (>= 2.0, < 3.1)
      ruby2_keywords (>= 0.0.4)
    faraday-net_http (3.0.2)
    ffi (1.15.5)
    ffi (1.15.5-x64-mingw32)
    jekyll (3.0.2)
      colorator (~> 0.1)
      jekyll-sass-converter (~> 1.0)
      jekyll-watch (~> 1.1)
      kramdown (~> 1.3)
      liquid (~> 3.0)
      mercenary (~> 0.3.3)
      rouge (~> 1.7)
      safe_yaml (~> 1.0)
    jekyll-asciidoc (2.0.1)
      asciidoctor (>= 1.5.0)
      jekyll (>= 2.3.0)
    jekyll-gist (1.4.0)
      octokit (~> 4.2)
    jekyll-paginate (1.1.0)
    jekyll-sass-converter (1.4.0)
      sass (~> 3.4)
    jekyll-watch (1.5.0)
      listen (~> 3.0, < 3.1)
    kramdown (1.11.1)
    liquid (3.0.6)
    listen (3.0.8)
      rb-fsevent (~> 0.9, >= 0.9.4)
      rb-inotify (~> 0.9, >= 0.9.7)
    mercenary (0.3.6)
    octokit (4.25.1)
      faraday (>= 1, < 3)
      sawyer (~> 0.9)
    public_suffix (5.0.3)
    rb-fsevent (0.9.7)
    rb-inotify (0.9.7)
      ffi (>= 0.5.0)
    rouge (1.11.1)
    ruby2_keywords (0.0.5)
    safe_yaml (1.0.4)
    sass (3.4.22)
    sawyer (0.9.2)
      addressable (>= 2.3.5)
      faraday (>= 0.17.3, < 3)
    webrick (1.7.0)

PLATFORMS
  ruby
  x64-mingw32

DEPENDENCIES
  asciidoctor (~> 1.5.4)
  coderay (= 1.1.1)
  jekyll (= 3.0.2)
  jekyll-asciidoc
  jekyll-gist
  jekyll-paginate
  webrick

BUNDLED WITH
   1.12.5
